GEM
  remote: http://rubygems.org/
  specs:
    configuration (1.2.0)
    git (1.2.5)
    heroku (1.15.1)
      json_pure (< 1.5.0, >= 1.2.0)
      launchy (~> 0.3.2)
      rest-client (< 1.7.0, >= 1.4.0)
    jeweler (1.6.0)
      bundler (~> 1.0.0)
      git (>= 1.2.5)
      rake
    json_pure (1.4.6)
    launchy (0.3.7)
      configuration (>= 0.0.5)
      rake (>= 0.8.1)
    mime-types (1.16)
    rack (1.2.1)
    rainbow (1.1)
    rake (0.8.7)
    rest-client (1.6.1)
      mime-types (>= 1.16)
    shining (2.0.1)
      heroku (= 1.15.1)
      heroku (>= 1.9.9)
      jeweler (>= 1.4.0)
      json_pure (= 1.4.6)
      json_pure (>= 1.1.9)
      rack (= 1.2.1)
      rack (>= 1.0)
      rainbow (= 1.1)
      rainbow (= 1.1)
      stringex (= 1.2.0)
      stringex (>= 1.1.0)
    stringex (1.2.0)

PLATFORMS
  ruby

DEPENDENCIES
  shining
